GEM
  remote: https://rubygems.org/
  specs:
    i18n (0.6.0)
    mail (2.4.4)
      i18n (>= 0.4.0)
      mime-types (~> 1.16)
      treetop (~> 1.4.8)
    mime-types (1.18)
    polyglot (0.3.3)
    puma (2.11.1)
      rack (>= 1.1, < 2.0)
    rack (1.4.1)
    rack-protection (1.2.0)
      rack
    rest-client (1.6.7)
      mime-types (>= 1.16)
    sinatra (1.3.2)
      rack (~> 1.3, >= 1.3.6)
      rack-protection (~> 1.2)
      tilt (~> 1.3, >= 1.3.3)
    sinatra-opencaptcha (1.0.0)
      rest-client (~> 1.6.7)
      sinatra (~> 1.3.2)
      uuidtools (~> 2.1.2)
    tilt (1.3.3)
    treetop (1.4.10)
      polyglot
      polyglot (>= 0.3.1)
    uuidtools (2.1.2)

PLATFORMS
  ruby
  x86-mingw32

DEPENDENCIES
  mail (~> 2.4.4)
  puma
  rest-client (~> 1.6.7)
  sinatra (~> 1.3.2)
  sinatra-opencaptcha (~> 1.0.0)
  uuidtools (~> 2.1.2)
